GEM
  remote: https://rubygems.org/
  specs:
    coderay (1.1.2)
    colorize (0.7.7)
    method_source (0.9.2)
    pry (0.11.3)
      coderay (~> 1.1.0)
      method_source (~> 0.9.0)
    rack (1.6.11)
    rack-protection (1.5.5)
      rack
    sinatra (1.4.8)
      rack (~> 1.5)
      rack-protection (~> 1.4)
      tilt (>= 1.3, < 3)
    tilt (2.0.8)

PLATFORMS
  ruby

DEPENDENCIES
  colorize (~> 0.7.7)
  pry (~> 0.11.3)
  sinatra (~> 1.4.7)

RUBY VERSION
   ruby 2.5.0p0

BUNDLED WITH
   1.17.1
